PATH
  remote: .
  specs:
    websocket-connection (1.0.0)
      websocket-driver (>= 0.6.5)

GEM
  remote: https://rubygems.org/
  specs:
    ansi (1.5.0)
    builder (3.2.3)
    minitest (5.10.2)
    minitest-reporters (1.1.14)
      ansi
      builder
      minitest (>= 5.0)
      ruby-progressbar
    rake (12.0.0)
    ruby-progressbar (1.8.1)
    websocket-driver (0.6.5)
      websocket-extensions (>= 0.1.0)
    websocket-extensions (0.1.2)

PLATFORMS
  ruby

DEPENDENCIES
  minitest (= 5.10.2)
  minitest-reporters (= 1.1.14)
  rake
  websocket-connection!

BUNDLED WITH
   1.14.4
